GEM
  remote: http://rubygems.org/
  specs:
    activemodel (4.2.1)
      activesupport (= 4.2.1)
      builder (~> 3.1)
    activesupport (4.2.1)
      i18n (~> 0.7)
      json (~> 1.7, >= 1.7.7)
      minitest (~> 5.1)
      thread_safe (~> 0.3, >= 0.3.4)
      tzinfo (~> 1.1)
    akami (1.2.0)
      gyoku (>= 0.4.0)
      nokogiri (>= 1.4.0)
    builder (3.2.2)
    diff-lcs (1.2.5)
    guid (0.1.1)
    gyoku (0.4.6)
      builder (>= 2.1.2)
    httpi (1.1.1)
      rack
    i18n (0.7.0)
    json (1.8.2)
    minitest (5.6.1)
    nokogiri (1.5.5)
    nori (1.1.3)
    rack (1.4.1)
    rake (10.4.2)
    rspec (2.99.0)
      rspec-core (~> 2.99.0)
      rspec-expectations (~> 2.99.0)
      rspec-mocks (~> 2.99.0)
    rspec-core (2.99.2)
    rspec-expectations (2.99.2)
      diff-lcs (>= 1.1.3, < 2.0)
    rspec-mocks (2.99.3)
    savon (1.2.0)
      akami (~> 1.2.0)
      builder (>= 2.1.2)
      gyoku (~> 0.4.5)
      httpi (~> 1.1.0)
      nokogiri (>= 1.4.0)
      nori (~> 1.1.0)
      wasabi (~> 2.5.0)
    simple_gem (1.1.0)
      activesupport (>= 3.0)
      rake (>= 0.8.7)
    thread_safe (0.3.5)
    tzinfo (1.2.2)
      thread_safe (~> 0.1)
    wasabi (2.5.1)
      httpi (~> 1.0)
      nokogiri (>= 1.4.0)

PLATFORMS
  ruby

DEPENDENCIES
  activemodel (~> 4.0)
  activesupport (~> 4.0)
  guid
  rspec (~> 2.8)
  savon (~> 1.2)
  simple_gem
